PATH
  remote: .
  specs:
    kuality-ole (0.2.0)
      chronic
      cucumber
      headless
      marc
      net-http-persistent
      numerizer
      rspec (~> 3.0)
      test-factory (>= 0.5.1)

GEM
  remote: https://rubygems.org/
  specs:
    builder (3.2.2)
    childprocess (0.5.5)
      ffi (~> 1.0, >= 1.0.11)
    chronic (0.10.2)
    cucumber (1.3.17)
      builder (>= 2.1.2)
      diff-lcs (>= 1.1.3)
      gherkin (~> 2.12)
      multi_json (>= 1.7.5, < 2.0)
      multi_test (>= 0.1.1)
    diff-lcs (1.2.5)
    ensure_valid_encoding (0.5.3)
    ffi (1.9.6)
    gherkin (2.12.2)
      multi_json (~> 1.3)
    headless (1.0.2)
    marc (0.8.2)
      ensure_valid_encoding
      scrub_rb (>= 1.0.1, < 2)
      unf
    multi_json (1.10.1)
    multi_test (0.1.1)
    net-http-persistent (2.9.4)
    numerizer (0.2.0)
    rake (10.3.2)
    rspec (3.1.0)
      rspec-core (~> 3.1.0)
      rspec-expectations (~> 3.1.0)
      rspec-mocks (~> 3.1.0)
    rspec-core (3.1.7)
      rspec-support (~> 3.1.0)
    rspec-expectations (3.1.2)
      diff-lcs (>= 1.2.0, < 2.0)
      rspec-support (~> 3.1.0)
    rspec-mocks (3.1.3)
      rspec-support (~> 3.1.0)
    rspec-support (3.1.2)
    rubyzip (1.1.6)
    scrub_rb (1.0.1)
    selenium-webdriver (2.43.0)
      childprocess (~> 0.5)
      multi_json (~> 1.0)
      rubyzip (~> 1.0)
      websocket (~> 1.0)
    test-factory (0.5.3)
      watir-webdriver (>= 0.6.4)
    unf (0.1.4)
      unf_ext
    unf_ext (0.0.6)
    watir-webdriver (0.6.11)
      selenium-webdriver (>= 2.18.0)
    websocket (1.2.1)

PLATFORMS
  ruby

DEPENDENCIES
  bundler (~> 1.6)
  kuality-ole!
  rake
